GEM
  remote: https://rubygems.org/
  specs:
    amq-protocol (2.0.1)
    bunny (2.6.1)
      amq-protocol (>= 2.0.1)
    daemons (1.2.4)
    domain_name (0.5.20160826)
      unf (>= 0.0.5, < 1.0.0)
    http-cookie (1.0.2)
      domain_name (~> 0.5)
    json (1.8.3)
    mime-types (2.99.3)
    netrc (0.11.0)
    redis (3.3.1)
    rest-client (1.8.0)
      http-cookie (>= 1.0.2, < 2.0)
      mime-types (>= 1.16, < 3.0)
      netrc (~> 0.7)
    unf (0.1.4)
      unf_ext
    unf_ext (0.0.7.2)
    zabbixapi (2.4.7)
      json (~> 1.6, >= 1.6.0)

PLATFORMS
  ruby

DEPENDENCIES
  bunny (= 2.6.1)
  daemons (= 1.2.4)
  redis (= 3.3.1)
  rest-client
  zabbixapi

BUNDLED WITH
   1.13.6
